GEM
  remote: http://rubygems.org/
  specs:
    browser (0.1.3)
    haml (3.1.4)
    json (1.6.4)
    puma (0.9.2)
      rack (~> 1.2)
    rack (1.4.0)
    rack-protection (1.2.0)
      rack
    sinatra (1.3.2)
      rack (~> 1.3, >= 1.3.6)
      rack-protection (~> 1.2)
      tilt (~> 1.3, >= 1.3.3)
    tilt (1.3.3)

PLATFORMS
  ruby

DEPENDENCIES
  browser
  haml
  json
  puma
  rack
  sinatra
